GEM
  remote: https://rubygems.org/
  specs:
    discourse_api (0.14.1)
      faraday (~> 0.9)
      faraday_middleware (~> 0.10)
      rack (>= 1.6)
    ezcrypto (0.7.2)
    faraday (0.11.0)
      multipart-post (>= 1.2, < 3)
    faraday_middleware (0.11.0.1)
      faraday (>= 0.7.4, < 1.0)
    json (2.0.3)
    multipart-post (2.0.0)
    oauth (0.5.1)
    rack (2.0.1)
    uservoice-ruby (0.0.11)
      ezcrypto (>= 0.7.2)
      json (>= 1.7.5)
      oauth (>= 0.4.7)

PLATFORMS
  ruby

DEPENDENCIES
  discourse_api
  uservoice-ruby

BUNDLED WITH
   1.13.6
