GEM
  remote: https://rubygems.org/
  specs:
    ezcrypto (0.7.2)
    json (2.0.3)
    oauth (0.5.1)
    uservoice-ruby (0.0.11)
      ezcrypto (>= 0.7.2)
      json (>= 1.7.5)
      oauth (>= 0.4.7)

PLATFORMS
  ruby

DEPENDENCIES
  uservoice-ruby

BUNDLED WITH
   1.13.6
